PATH
  remote: .
  specs:
    minitest-rails (0.9.2.20131029094608)
      minitest (~> 4.7)
      minitest-test (~> 1.0)
      railties (>= 3.0)

GEM
  remote: http://rubygems.org/
  specs:
    actionpack (4.0.0)
      activesupport (= 4.0.0)
      builder (~> 3.1.0)
      erubis (~> 2.7.0)
      rack (~> 1.5.2)
      rack-test (~> 0.6.2)
    activesupport (4.0.0)
      i18n (~> 0.6, >= 0.6.4)
      minitest (~> 4.2)
      multi_json (~> 1.3)
      thread_safe (~> 0.1)
      tzinfo (~> 0.3.37)
    atomic (1.1.14)
    builder (3.1.4)
    erubis (2.7.0)
    fakefs (0.4.3)
    hoe (3.7.1)
      rake (>= 0.8, < 11.0)
    i18n (0.6.5)
    json (1.8.1)
    minitest (4.7.5)
    minitest-test (1.0.0)
      minitest (~> 4.0)
    multi_json (1.8.2)
    rack (1.5.2)
    rack-test (0.6.2)
      rack (>= 1.0)
    railties (4.0.0)
      actionpack (= 4.0.0)
      activesupport (= 4.0.0)
      rake (>= 0.8.7)
      thor (>= 0.18.1, < 2.0)
    rake (10.1.0)
    rdoc (4.0.1)
      json (~> 1.4)
    thor (0.18.1)
    thread_safe (0.1.3)
      atomic
    tzinfo (0.3.38)

PLATFORMS
  ruby

DEPENDENCIES
  fakefs (~> 0.4)
  hoe (~> 3.7)
  minitest-rails!
  rdoc (~> 4.0)
